GEM
  remote: https://rubygems.org/
  specs:
    rack (1.6.4)
    rack-protection (1.5.3)
      rack
    sinatra (1.4.7)
      rack (~> 1.5)
      rack-protection (~> 1.4)
      tilt (>= 1.3, < 3)
    sinatra-partial (1.0.0)
      sinatra (~> 1.4)
    sinatra-twitter-bootstrap (2.3.4)
    tilt (2.0.5)

PLATFORMS
  ruby

DEPENDENCIES
  rack (< 2.0)
  sinatra
  sinatra-partial
  sinatra-twitter-bootstrap

RUBY VERSION
   ruby 2.3.1p112

BUNDLED WITH
   1.12.5
