GEM
  remote: https://rubygems.org/
  specs:
    rack (1.6.1)
    rack-protection (1.5.3)
      rack
    sinatra (1.4.6)
      rack (~> 1.4)
      rack-protection (~> 1.4)
      tilt (>= 1.3, < 3)
    sinatra-partial (0.4.0)
      sinatra
    sinatra-twitter-bootstrap (2.3.3)
    tilt (2.0.1)

PLATFORMS
  ruby

DEPENDENCIES
  rack
  sinatra
  sinatra-partial
  sinatra-twitter-bootstrap
